PATH
  remote: .
  specs:
    urbit-api (0.1.0)

GEM
  remote: https://rubygems.org/
  specs:
    minitest (5.14.3)
    rake (12.3.3)

PLATFORMS
  ruby

DEPENDENCIES
  minitest (~> 5.0)
  rake (~> 12.0)
  urbit-api!

BUNDLED WITH
   2.1.4
